GEM
  remote: https://rubygems.org/
  specs:
    activesupport (3.2.19)
      i18n (~> 0.6, >= 0.6.4)
      multi_json (~> 1.0)
    colorize (0.7.3)
    excon (0.38.0)
    i18n (0.6.11)
    indentation (0.1.1)
    json (1.8.1)
    mime-types (1.25.1)
    mkfifo (0.0.1)
    multi_json (1.10.1)
    netrc (0.7.7)
    rdoc (4.1.1)
      json (~> 1.4)
    rest-client (1.6.8)
      mime-types (~> 1.16)
      rdoc (>= 2.4.2)
    terminal-table (1.4.5)
    zillabyte (0.1.19)
      zillabyte-cli (~> 0.1.19)
    zillabyte-cli (0.1.19)
      activesupport (~> 3.2.11)
      bundler (~> 1.3)
      colorize (~> 0.6)
      excon (~> 0.31)
      indentation (~> 0.1)
      mkfifo
      multi_json (~> 1.0)
      netrc (~> 0.7.7)
      rest-client (~> 1.6.1)
      terminal-table (~> 1.4)

PLATFORMS
  ruby

DEPENDENCIES
  zillabyte
